GIT
  remote: git://github.com/developerinlondon/salt-lint-ruby.git
  revision: b6d724f1865fea3bbe3b97afe5a1951eb7014e98
  tag: v0.1.3
  specs:
    salt-lint (0.1.5.2)
      awesome_print (~> 1.2.0, >= 1.2.0)
      bundler (~> 1.5)
      colorize (~> 0.8.1)
      trollop (>= 2.1.2, = 2.1.2)

GEM
  remote: https://rubygems.org/
  specs:
    awesome_print (1.2.0)
    colorize (0.8.1)
    trollop (2.1.2)

PLATFORMS
  ruby

DEPENDENCIES
  salt-lint!

BUNDLED WITH
   1.14.5
